GEM
  remote: http://rubygems.org/
  specs:
    childprocess (0.5.6)
      ffi (~> 1.0, >= 1.0.11)
    coderay (1.1.0)
    ffi (1.9.8)
    git (1.2.9.1)
    method_source (0.8.2)
    multi_json (1.11.0)
    pry (0.10.1)
      coderay (~> 1.1.0)
      method_source (~> 0.8.1)
      slop (~> 3.4)
    rspec (1.3.2)
    rubyzip (1.1.7)
    selenium-webdriver (2.45.0)
      childprocess (~> 0.5)
      multi_json (~> 1.0)
      rubyzip (~> 1.0)
      websocket (~> 1.0)
    slop (3.6.0)
    websocket (1.2.2)

PLATFORMS
  ruby

DEPENDENCIES
  git
  pry
  rspec (~> 1.3)
  selenium-webdriver (~> 2.45.0)
